PATH
  remote: .
  specs:
    grac (4.0.0)
      oj (~> 3.6.13)
      typhoeus (~> 1)

GEM
  remote: https://rubygems.org/
  specs:
    benchmark-ips (2.7.2)
    builder (3.2.3)
    diff-lcs (1.3)
    ethon (0.12.0)
      ffi (>= 1.3.0)
    ffi (1.10.0)
    oj (3.6.13)
    rack (2.0.8)
    rack-test (0.6.3)
      rack (>= 1.0)
    rake (13.0.1)
    rspec (3.8.0)
      rspec-core (~> 3.8.0)
      rspec-expectations (~> 3.8.0)
      rspec-mocks (~> 3.8.0)
    rspec-core (3.8.0)
      rspec-support (~> 3.8.0)
    rspec-expectations (3.8.2)
      diff-lcs (>= 1.2.0, < 2.0)
      rspec-support (~> 3.8.0)
    rspec-mocks (3.8.0)
      diff-lcs (>= 1.2.0, < 2.0)
      rspec-support (~> 3.8.0)
    rspec-support (3.8.0)
    typhoeus (1.3.1)
      ethon (>= 0.9.0)

PLATFORMS
  ruby

DEPENDENCIES
  benchmark-ips (~> 2.7)
  builder (~> 3.2)
  grac!
  rack (~> 2.0.8)
  rack-test (~> 0.6.3)
  rake (~> 13.0)
  rspec (~> 3.8)

BUNDLED WITH
   1.17.3
