PATH
  remote: .
  specs:
    grac (4.3.1)
      oj (~> 3.16)
      typhoeus (~> 1)

GEM
  remote: https://rubygems.org/
  specs:
    benchmark-ips (2.14.0)
    bigdecimal (3.2.3)
    builder (3.3.0)
    diff-lcs (1.6.2)
    ethon (0.15.0)
      ffi (>= 1.15.0)
    ffi (1.17.2)
    oj (3.16.11)
      bigdecimal (>= 3.0)
      ostruct (>= 0.2)
    ostruct (0.6.3)
    rack (3.2.3)
    rack-test (2.2.0)
      rack (>= 1.3)
    rake (13.3.0)
    rspec (3.13.1)
      rspec-core (~> 3.13.0)
      rspec-expectations (~> 3.13.0)
      rspec-mocks (~> 3.13.0)
    rspec-core (3.13.5)
      rspec-support (~> 3.13.0)
    rspec-expectations (3.13.5)
      diff-lcs (>= 1.2.0, < 2.0)
      rspec-support (~> 3.13.0)
    rspec-mocks (3.13.5)
      diff-lcs (>= 1.2.0, < 2.0)
      rspec-support (~> 3.13.0)
    rspec-support (3.13.6)
    typhoeus (1.5.0)
      ethon (>= 0.9.0, < 0.16.0)

PLATFORMS
  ruby

DEPENDENCIES
  benchmark-ips (~> 2.10)
  builder (~> 3.2)
  grac!
  rack (~> 3.1)
  rack-test (~> 2.1)
  rake (~> 13.0)
  rspec (~> 3.12)

BUNDLED WITH
   2.4.2
