PATH
  remote: .
  specs:
    grac (2.4.0)
      typhoeus (~> 0.6.9)

GEM
  remote: http://rubygems.org/
  specs:
    builder (3.2.2)
    diff-lcs (1.2.5)
    ethon (0.8.1)
      ffi (>= 1.3.0)
    ffi (1.9.10)
    rack (1.6.4)
    rack-test (0.6.3)
      rack (>= 1.0)
    rake (10.4.2)
    rspec (3.2.0)
      rspec-core (~> 3.2.0)
      rspec-expectations (~> 3.2.0)
      rspec-mocks (~> 3.2.0)
    rspec-core (3.2.3)
      rspec-support (~> 3.2.0)
    rspec-expectations (3.2.1)
      diff-lcs (>= 1.2.0, < 2.0)
      rspec-support (~> 3.2.0)
    rspec-mocks (3.2.1)
      diff-lcs (>= 1.2.0, < 2.0)
      rspec-support (~> 3.2.0)
    rspec-support (3.2.2)
    rspec_junit_formatter (0.2.3)
      builder (< 4)
      rspec-core (>= 2, < 4, != 2.12.0)
    typhoeus (0.6.9)
      ethon (>= 0.7.1)

PLATFORMS
  ruby

DEPENDENCIES
  builder (~> 3.2.2)
  grac!
  rack-test (~> 0.6.3)
  rake (~> 10.4.1)
  rspec (~> 3.2.0)
  rspec_junit_formatter (~> 0.2.2)
  typhoeus (~> 0.6.9)
